{
  "aor": 0.002480625,
  "aqi": 0.016456925,
  "bids_meta": {
    "AcquisitionMatrixPE": 84,
    "AcquisitionNumber": 1,
    "AcquisitionTime": "10:23:14.035000",
    "BandwidthPerPixelPhaseEncode": 20.178,
    "BaseResolution": 84,
    "BodyPartExamined": "BRAIN",
    "ConsistencyInfo": "N4_VD13C_LATEST_20121124",
    "ConversionSoftware": "dcm2niix",
    "ConversionSoftwareVersion": "v1.0.20180328 Clang9.0.0",
    "DerivedVendorReportedEchoSpacing": 0.000589987,
    "DeviceSerialNumber": "45348",
    "DwellTime": 2.6e-06,
    "EchoTime": 0.032,
    "EchoTrainLength": 84,
    "EffectiveEchoSpacing": 0.000589987,
    "FlipAngle": 55,
    "ImageComments": "Unaliased_MB6_PE3",
    "ImageOrientationPatientDICOM": [
      0.993571,
      0.113145,
      -0.00379081,
      -0.11154,
      0.984109,
      0.138163
    ],
    "ImageType": [
      "ORIGINAL",
      "PRIMARY",
      "M",
      "MB",
      "ND",
      "NORM",
      "MOSAIC"
    ],
    "InPlanePhaseEncodingDirectionDICOM": "COL",
    "InstitutionalDepartmentName": "Department",
    "MRAcquisitionType": "2D",
    "MagneticFieldStrength": 3,
    "Manufacturer": "Siemens",
    "ManufacturersModelName": "Skyra",
    "Modality": "MR",
    "MultibandAccelerationFactor": 6,
    "PartialFourier": 1,
    "PatientPosition": "HFS",
    "PercentPhaseFOV": 100,
    "PhaseEncodingDirection": "j-",
    "PhaseEncodingSteps": 84,
    "PhaseResolution": 1,
    "PixelBandwidth": 2290,
    "ProtocolName": "Resting_1",
    "PulseSequenceDetails": "%CustomerSeq%_cmrr_mbep2d_bold",
    "ReceiveCoilActiveElements": "HEA;HEP",
    "ReceiveCoilName": "Head_32",
    "ReconMatrixPE": 84,
    "RepetitionTime": 0.78,
    "SAR": 0.0987832,
    "ScanOptions": "FS",
    "ScanningSequence": "EP",
    "SequenceName": "epfid2d1_84",
    "SequenceVariant": "SK_SS",
    "SeriesDescription": "Resting_1",
    "SeriesNumber": 9,
    "ShimSetting": [
      -5170,
      7509,
      9143,
      642,
      -88,
      -39,
      765,
      -347
    ],
    "SliceThickness": 2.5,
    "SliceTiming": [
      0,
      0.53,
      0.3025,
      0.075,
      0.6075,
      0.38,
      0.15,
      0.6825,
      0.455,
      0.2275,
      0,
      0.53,
      0.3025,
      0.075,
      0.6075,
      0.38,
      0.15,
      0.6825,
      0.455,
      0.2275,
      0,
      0.53,
      0.3025,
      0.075,
      0.6075,
      0.38,
      0.15,
      0.6825,
      0.455,
      0.2275,
      0,
      0.53,
      0.3025,
      0.075,
      0.6075,
      0.38,
      0.15,
      0.6825,
      0.455,
      0.2275,
      0,
      0.53,
      0.3025,
      0.075,
      0.6075,
      0.38,
      0.15,
      0.6825,
      0.455,
      0.2275,
      0,
      0.53,
      0.3025,
      0.075,
      0.6075,
      0.38,
      0.15,
      0.6825,
      0.455,
      0.2275
    ],
    "SoftwareVersions": "syngo_MR_D13C",
    "SpacingBetweenSlices": 2.5,
    "TotalReadoutTime": 0.0489689,
    "TxRefAmp": 329.148,
    "modality": "bold",
    "session_id": "wave1",
    "subject_id": "sub01",
    "task_id": "rest"
  },
  "dummy_trs": 2,
  "dvars_nstd": 41.1657360968085,
  "dvars_std": 1.3260021282978725,
  "dvars_vstd": 1.0019551225531915,
  "efc": 0.516283131843647,
  "fber": 3727.458740234375,
  "fd_mean": 0.18043097200296243,
  "fd_num": 20,
  "fd_perc": 41.666666666666664,
  "fwhm_avg": 2.4809053333333333,
  "fwhm_x": 2.260284,
  "fwhm_y": 2.78682,
  "fwhm_z": 2.395612,
  "gcor": 0.00504248,
  "gsr_x": -0.02381449192762375,
  "gsr_y": 0.039309147745370865,
  "provenance": {
    "md5sum": "ffb43d17b1386b8a49336dc886686d68",
    "settings": {
      "fd_thres": 0.2,
      "hmc_fsl": false
    },
    "software": "mriqc",
    "version": "0.10.4"
  },
  "size_t": 48,
  "size_x": 84,
  "size_y": 84,
  "size_z": 60,
  "snr": 5.361545166097928,
  "spacing_tr": 0.7799999713897705,
  "spacing_x": 2.5,
  "spacing_y": 2.5,
  "spacing_z": 2.5,
  "summary_bg_k": 26.780497816027463,
  "summary_bg_mad": 55.99911880493164,
  "summary_bg_mean": 219.8804168701172,
  "summary_bg_median": 75.75,
  "summary_bg_n": 264841.0,
  "summary_bg_p05": 29.479167938232422,
  "summary_bg_p95": 897.0833740234375,
  "summary_bg_stdv": 414.65185546875,
  "summary_fg_k": 6.304269195028979,
  "summary_fg_mad": 610.801025390625,
  "summary_fg_mean": 4720.32861328125,
  "summary_fg_median": 4801.39599609375,
  "summary_fg_n": 93709.0,
  "summary_fg_p05": 3235.52509765625,
  "summary_fg_p95": 5869.45849609375,
  "summary_fg_stdv": 895.5198974609375,
  "tsnr": 51.4539680480957
}