{
  "aor": 0.016337,
  "aqi": 0.03348505,
  "bids_meta": {
    "AcquisitionMatrixPE": 84,
    "AcquisitionNumber": 1,
    "AcquisitionTime": "17:15:59.092500",
    "BandwidthPerPixelPhaseEncode": 20.178,
    "BaseResolution": 84,
    "BodyPartExamined": "BRAIN",
    "ConsistencyInfo": "N4_VD13C_LATEST_20121124",
    "ConversionSoftware": "dcm2niix",
    "ConversionSoftwareVersion": "v1.0.20180328 Clang9.0.0",
    "DerivedVendorReportedEchoSpacing": 0.000589987,
    "DeviceSerialNumber": "45348",
    "DwellTime": 2.6e-06,
    "EchoTime": 0.032,
    "EchoTrainLength": 84,
    "EffectiveEchoSpacing": 0.000589987,
    "FlipAngle": 55,
    "ImageComments": "Unaliased_MB6_PE3",
    "ImageOrientationPatientDICOM": [
      0.998838,
      0.0470748,
      -0.0102958,
      -0.0430293,
      0.9675,
      0.249182
    ],
    "ImageType": [
      "ORIGINAL",
      "PRIMARY",
      "M",
      "MB",
      "ND",
      "NORM",
      "MOSAIC"
    ],
    "InPlanePhaseEncodingDirectionDICOM": "COL",
    "InstitutionalDepartmentName": "Department",
    "MRAcquisitionType": "2D",
    "MagneticFieldStrength": 3,
    "Manufacturer": "Siemens",
    "ManufacturersModelName": "Skyra",
    "Modality": "MR",
    "MultibandAccelerationFactor": 6,
    "PartialFourier": 1,
    "PatientPosition": "HFS",
    "PercentPhaseFOV": 100,
    "PhaseEncodingDirection": "j-",
    "PhaseEncodingSteps": 84,
    "PhaseResolution": 1,
    "PixelBandwidth": 2290,
    "ProtocolName": "Resting_1",
    "PulseSequenceDetails": "%CustomerSeq%_cmrr_mbep2d_bold",
    "ReceiveCoilActiveElements": "HEA;HEP",
    "ReceiveCoilName": "Head_32",
    "ReconMatrixPE": 84,
    "RepetitionTime": 0.78,
    "SAR": 0.0893507,
    "ScanOptions": "FS",
    "ScanningSequence": "EP",
    "SequenceName": "epfid2d1_84",
    "SequenceVariant": "SK_SS",
    "SeriesDescription": "Resting_1",
    "SeriesNumber": 8,
    "ShimSetting": [
      -5200,
      7486,
      9074,
      525,
      -262,
      -254,
      809,
      -307
    ],
    "SliceThickness": 2.5,
    "SliceTiming": [
      0,
      0.5325,
      0.3025,
      0.075,
      0.6075,
      0.38,
      0.1525,
      0.6825,
      0.455,
      0.2275,
      0,
      0.5325,
      0.3025,
      0.075,
      0.6075,
      0.38,
      0.1525,
      0.6825,
      0.455,
      0.2275,
      0,
      0.5325,
      0.3025,
      0.075,
      0.6075,
      0.38,
      0.1525,
      0.6825,
      0.455,
      0.2275,
      0,
      0.5325,
      0.3025,
      0.075,
      0.6075,
      0.38,
      0.1525,
      0.6825,
      0.455,
      0.2275,
      0,
      0.5325,
      0.3025,
      0.075,
      0.6075,
      0.38,
      0.1525,
      0.6825,
      0.455,
      0.2275,
      0,
      0.5325,
      0.3025,
      0.075,
      0.6075,
      0.38,
      0.1525,
      0.6825,
      0.455,
      0.2275
    ],
    "SoftwareVersions": "syngo_MR_D13C",
    "SpacingBetweenSlices": 2.5,
    "TotalReadoutTime": 0.0489689,
    "TxRefAmp": 321.572,
    "modality": "bold",
    "session_id": "wave1",
    "subject_id": "sub02",
    "task_id": "rest"
  },
  "dummy_trs": 0,
  "dvars_nstd": 41.41026687632653,
  "dvars_std": 1.2592273802040816,
  "dvars_vstd": 1.1445844210204081,
  "efc": 0.46922848173987664,
  "fber": 5193.8349609375,
  "fd_mean": 0.42423061734526235,
  "fd_num": 20,
  "fd_perc": 40.0,
  "fwhm_avg": 2.698188,
  "fwhm_x": 2.460508,
  "fwhm_y": 3.061344,
  "fwhm_z": 2.572712,
  "gcor": 0.0236709,
  "gsr_x": -0.02189137227833271,
  "gsr_y": 0.039002466946840286,
  "provenance": {
    "md5sum": "452498d9cd81cea35c6c442afbf0425d",
    "settings": {
      "fd_thres": 0.2,
      "hmc_fsl": false
    },
    "software": "mriqc",
    "version": "0.10.4"
  },
  "size_t": 50,
  "size_x": 84,
  "size_y": 84,
  "size_z": 60,
  "snr": 4.952114920943286,
  "spacing_tr": 0.7799999713897705,
  "spacing_x": 2.5,
  "spacing_y": 2.5,
  "spacing_z": 2.5,
  "summary_bg_k": 36.99758251550858,
  "summary_bg_mad": 50.764305114746094,
  "summary_bg_mean": 198.8594512939453,
  "summary_bg_median": 69.36000061035156,
  "summary_bg_n": 285421.0,
  "summary_bg_p05": 27.799999237060547,
  "summary_bg_p95": 802.8999633789062,
  "summary_bg_stdv": 391.2176818847656,
  "summary_fg_k": 5.456546392713079,
  "summary_fg_mad": 625.0059204101562,
  "summary_fg_mean": 4973.03271484375,
  "summary_fg_median": 5114.2998046875,
  "summary_fg_n": 76687.0,
  "summary_fg_p05": 2915.39990234375,
  "summary_fg_p95": 6210.075732421874,
  "summary_fg_stdv": 1032.743896484375,
  "tsnr": 33.40922927856445
}