{
	"Modality": "MR",
	"MagneticFieldStrength": 3,
	"Manufacturer": "Siemens",
	"ManufacturersModelName": "Skyra",
	"InstitutionalDepartmentName": "Department",
	"DeviceSerialNumber": "45348",
	"BodyPartExamined": "BRAIN",
	"PatientPosition": "HFS",
	"SoftwareVersions": "syngo_MR_D13C",
	"MRAcquisitionType": "2D",
	"SeriesDescription": "Resting_1",
	"ProtocolName": "Resting_1",
	"ScanningSequence": "EP",
	"SequenceVariant": "SK_SS",
	"ScanOptions": "FS",
	"SequenceName": "epfid2d1_84",
	"ImageType": ["ORIGINAL", "PRIMARY", "M", "MB", "ND", "NORM", "MOSAIC"],
	"SeriesNumber": 9,
	"AcquisitionTime": "10:23:14.035000",
	"AcquisitionNumber": 1,
	"ImageComments": "Unaliased_MB6_PE3",
	"SliceThickness": 2.5,
	"SpacingBetweenSlices": 2.5,
	"SAR": 0.0987832,
	"EchoTime": 0.032,
	"RepetitionTime": 0.78,
	"FlipAngle": 55,
	"PartialFourier": 1,
	"BaseResolution": 84,
	"ShimSetting": [
		-5170,
		7509,
		9143,
		642,
		-88,
		-39,
		765,
		-347	],
	"TxRefAmp": 329.148,
	"PhaseResolution": 1,
	"ReceiveCoilName": "Head_32",
	"ReceiveCoilActiveElements": "HEA;HEP",
	"PulseSequenceDetails": "%CustomerSeq%_cmrr_mbep2d_bold",
	"ConsistencyInfo": "N4_VD13C_LATEST_20121124",
	"MultibandAccelerationFactor": 6,
	"PercentPhaseFOV": 100,
	"EchoTrainLength": 84,
	"PhaseEncodingSteps": 84,
	"AcquisitionMatrixPE": 84,
	"ReconMatrixPE": 84,
	"BandwidthPerPixelPhaseEncode": 20.178,
	"EffectiveEchoSpacing": 0.000589987,
	"DerivedVendorReportedEchoSpacing": 0.000589987,
	"TotalReadoutTime": 0.0489689,
	"PixelBandwidth": 2290,
	"DwellTime": 2.6e-06,
	"PhaseEncodingDirection": "j-",
	"SliceTiming": [
		0,
		0.53,
		0.3025,
		0.075,
		0.6075,
		0.38,
		0.15,
		0.6825,
		0.455,
		0.2275,
		0,
		0.53,
		0.3025,
		0.075,
		0.6075,
		0.38,
		0.15,
		0.6825,
		0.455,
		0.2275,
		0,
		0.53,
		0.3025,
		0.075,
		0.6075,
		0.38,
		0.15,
		0.6825,
		0.455,
		0.2275,
		0,
		0.53,
		0.3025,
		0.075,
		0.6075,
		0.38,
		0.15,
		0.6825,
		0.455,
		0.2275,
		0,
		0.53,
		0.3025,
		0.075,
		0.6075,
		0.38,
		0.15,
		0.6825,
		0.455,
		0.2275,
		0,
		0.53,
		0.3025,
		0.075,
		0.6075,
		0.38,
		0.15,
		0.6825,
		0.455,
		0.2275	],
	"ImageOrientationPatientDICOM": [
		0.993571,
		0.113145,
		-0.00379081,
		-0.11154,
		0.984109,
		0.138163	],
	"InPlanePhaseEncodingDirectionDICOM": "COL",
	"ConversionSoftware": "dcm2niix",
	"ConversionSoftwareVersion": "v1.0.20171215 Clang8.1.0"
}
